GEM
  remote: https://rubygems.org/
  specs:
    mustermann (1.0.3)
    pg (1.1.4)
    rack (2.0.8)
    rack-protection (2.0.7)
      rack
    sequel (5.24.0)
    sinatra (2.0.7)
      mustermann (~> 1.0)
      rack (~> 2.0)
      rack-protection (= 2.0.7)
      tilt (~> 2.0)
    tilt (2.0.9)

PLATFORMS
  ruby

DEPENDENCIES
  pg
  sequel
  sinatra

RUBY VERSION
   ruby 2.6.0p0

BUNDLED WITH
   2.0.2
